GIT
  remote: https://github.com/yamahei/selenium_util.git
  revision: 5ab386a5fb6ab747e3bad7e3d0dcadf9b1b77c5a
  specs:
    selenium_util (0.1.3)
      selenium-webdriver

PATH
  remote: .
  specs:
    table_scraper (0.1.0)
      selenium_util
      zipang

GEM
  remote: https://rubygems.org/
  specs:
    childprocess (0.7.1)
      ffi (~> 1.0, >= 1.0.11)
    diff-lcs (1.3)
    ffi (1.9.18)
    kuromoji (0.0.1)
      rjb
    rake (10.5.0)
    rjb (1.5.5)
    romaji (0.2.3)
      rake (>= 0.8.0)
    rspec (3.6.0)
      rspec-core (~> 3.6.0)
      rspec-expectations (~> 3.6.0)
      rspec-mocks (~> 3.6.0)
    rspec-core (3.6.0)
      rspec-support (~> 3.6.0)
    rspec-expectations (3.6.0)
      diff-lcs (>= 1.2.0, < 2.0)
      rspec-support (~> 3.6.0)
    rspec-mocks (3.6.0)
      diff-lcs (>= 1.2.0, < 2.0)
      rspec-support (~> 3.6.0)
    rspec-support (3.6.0)
    rubyzip (1.2.1)
    selenium-webdriver (3.5.2)
      childprocess (~> 0.5)
      rubyzip (~> 1.0)
    zipang (0.0.1)
      kuromoji
      romaji

PLATFORMS
  ruby

DEPENDENCIES
  bundler (~> 1.15)
  rake (~> 10.0)
  rspec (~> 3.0)
  selenium_util!
  table_scraper!

BUNDLED WITH
   1.15.4
